GEM
  remote: https://rubygems.org/
  specs:
    addressable (2.3.8)
    commander (4.3.4)
      highline (~> 1.7.2)
    faraday (0.9.1)
      multipart-post (>= 1.2, < 3)
    fql (0.3.1)
      multi_json
    highline (1.7.2)
    koala (2.0.0)
      addressable
      faraday
      multi_json
    multi_json (1.11.0)
    multipart-post (2.0.0)

PLATFORMS
  ruby

DEPENDENCIES
  commander (~> 4.0)
  fql (~> 0.3)
  koala (~> 2.0)
